PATH
  remote: .
  specs:
    process_output_wrapper (0.1.0)

GEM
  remote: https://rubygems.org/
  specs:
    rake (13.0.1)

PLATFORMS
  ruby

DEPENDENCIES
  bundler (~> 1.17)
  process_output_wrapper!
  rake (~> 13.0)

BUNDLED WITH
   1.17.3
